PATH
  remote: .
  specs:
    ProcessPilot (0.0.1)
      rUtilAnts (>= 1.0)

GEM
  remote: http://rubygems.org/
  specs:
    rUtilAnts (2.0.0.20130827)
    rake (10.1.0)

PLATFORMS
  x86-mingw32

DEPENDENCIES
  ProcessPilot!
  rake
